GIT
  remote: git://github.com/gma/nesta.git
  revision: be0d97be9ee85736b6dbb150adce78d1c8bc6d94
  specs:
    nesta (0.9.13)
      RedCloth (~> 4.2)
      haml (~> 3.1)
      rack (~> 1.1)
      rdiscount (~> 1.6)
      sass (~> 3.1)
      shotgun (>= 0.8)
      sinatra (~> 1.3)

PATH
  remote: vendor/nesta-plugin-metadata-extensions
  specs:
    nesta-plugin-metadata-extensions (0.0.1)
      nesta (>= 0.9.11)

GEM
  remote: http://rubygems.org/
  specs:
    RedCloth (4.2.9)
    exifr (1.1.2)
    haml (3.1.4)
    i18n (0.6.0)
    json (1.6.5)
    nokogiri (1.5.2)
    rack (1.4.1)
    rack-protection (1.2.0)
      rack
    rdiscount (1.6.8)
    sass (3.1.15)
    shotgun (0.9)
      rack (>= 1.0)
    sinatra (1.3.2)
      rack (~> 1.3, >= 1.3.6)
      rack-protection (~> 1.2)
      tilt (~> 1.3, >= 1.3.3)
    tilt (1.3.3)
    xmp (0.2.0)
      nokogiri (~> 1.5.0)

PLATFORMS
  ruby

DEPENDENCIES
  exifr (= 1.1.2)
  i18n (= 0.6)
  json
  nesta!
  nesta-plugin-metadata-extensions!
  nokogiri (= 1.5.2)
  xmp (= 0.2.0)
