GIT
  remote: git://github.com/dlindahl/omniauth-cas.git
  revision: 0f6c6bffefb8e95f81554919037074177fe31bc3
  specs:
    omniauth-cas (0.0.7)
      addressable (~> 2.2)
      nokogiri (~> 1.5)
      omniauth (~> 1.1.0)

GIT
  remote: git://github.com/gma/nesta.git
  revision: be0d97be9ee85736b6dbb150adce78d1c8bc6d94
  specs:
    nesta (0.9.13)
      RedCloth (~> 4.2)
      haml (~> 3.1)
      rack (~> 1.1)
      rdiscount (~> 1.6)
      sass (~> 3.1)
      shotgun (>= 0.8)
      sinatra (~> 1.3)

GIT
  remote: git://github.com/intridea/omniauth.git
  revision: c62e4f831896fa2c8e3e63896c483a74d98ff2d2
  specs:
    omniauth (1.1.0)
      hashie (~> 1.2)
      rack

PATH
  remote: vendor/nesta-plugin-metadata-extensions
  specs:
    nesta-plugin-metadata-extensions (0.0.1)
      nesta (>= 0.9.11)

GEM
  remote: http://rubygems.org/
  specs:
    RedCloth (4.2.9)
    addressable (2.2.8)
    exifr (1.1.2)
    haml (3.1.4)
    hashie (1.2.0)
    i18n (0.6.0)
    json (1.6.5)
    nesta-plugin-yaml-metadata (0.0.1)
      nesta (>= 0.9.12)
    nokogiri (1.5.2)
    rack (1.4.1)
    rack-protection (1.2.0)
      rack
    rdiscount (1.6.8)
    sass (3.1.15)
    shotgun (0.9)
      rack (>= 1.0)
    sinatra (1.3.2)
      rack (~> 1.3, >= 1.3.6)
      rack-protection (~> 1.2)
      tilt (~> 1.3, >= 1.3.3)
    tilt (1.3.3)
    xmp (0.2.0)
      nokogiri (~> 1.5.0)

PLATFORMS
  ruby

DEPENDENCIES
  exifr (= 1.1.2)
  i18n (= 0.6)
  json
  nesta!
  nesta-plugin-metadata-extensions!
  nesta-plugin-yaml-metadata
  nokogiri (= 1.5.2)
  omniauth!
  omniauth-cas!
  xmp (= 0.2.0)
